PATH
  remote: .
  specs:
    vmc_knife (0.0.17)
      rest-client (>= 1.6.1, < 1.7.0)
      vmc (~> 0.3.14.beta4)

GEM
  remote: http://rubygems.org/
  specs:
    addressable (2.2.6)
    crack (0.3.1)
    diff-lcs (1.1.3)
    interact (0.3)
    json_pure (1.5.4)
      spruz (~> 0.2.8)
    mime-types (1.17.2)
    rest-client (1.6.7)
      mime-types (>= 1.16)
    rspec (2.9.0)
      rspec-core (~> 2.9.0)
      rspec-expectations (~> 2.9.0)
      rspec-mocks (~> 2.9.0)
    rspec-core (2.9.0)
    rspec-expectations (2.9.0)
      diff-lcs (~> 1.1.3)
    rspec-mocks (2.9.0)
    rubyzip2 (2.0.1)
    spruz (0.2.13)
    terminal-table (1.4.4)
    vmc (0.3.14.beta.4)
      addressable (~> 2.2.6)
      interact (~> 0.3.0)
      json_pure (~> 1.5.1)
      rest-client (>= 1.6.1, < 1.7.0)
      rubyzip2 (~> 2.0.1)
      terminal-table (~> 1.4.2)
    webmock (1.5.0)
      addressable (>= 2.2.2)
      crack (>= 0.1.7)

PLATFORMS
  ruby

DEPENDENCIES
  rspec (>= 2.7.0)
  vmc (>= 0.3.14.beta4)
  vmc_knife!
  webmock (= 1.5.0)
